GEM
  remote: https://rubygems.org/
  specs:
    glib2 (3.4.9)
      native-package-installer (>= 1.0.3)
      pkg-config (>= 1.3.5)
    gobject-introspection (3.4.9)
      glib2 (= 3.4.9)
    native-package-installer (1.1.1)
    pkg-config (1.4.6)
    power_assert (2.0.1)
    test-unit (3.5.3)
      power_assert

PLATFORMS
  ruby

DEPENDENCIES
  gobject-introspection (>= 3.4.9)
  test-unit

BUNDLED WITH
   1.17.2
